GEM
  remote: https://rubygems.org/
  specs:
    rack (2.0.1)
    roda (2.18.0)
      rack

PLATFORMS
  ruby

DEPENDENCIES
  roda (~> 2.18.0)

BUNDLED WITH
   1.13.0.rc.1
